GEM
  remote: https://rubygems.org/
  specs:
    bmi (0.2.0)
    colorize (0.8.1)
    diff-lcs (1.4.4)
    rspec (3.9.0)
      rspec-core (~> 3.9.0)
      rspec-expectations (~> 3.9.0)
      rspec-mocks (~> 3.9.0)
    rspec-core (3.9.2)
      rspec-support (~> 3.9.3)
    rspec-expectations (3.9.2)
      diff-lcs (>= 1.2.0, < 2.0)
      rspec-support (~> 3.9.0)
    rspec-mocks (3.9.1)
      diff-lcs (>= 1.2.0, < 2.0)
      rspec-support (~> 3.9.0)
    rspec-support (3.9.3)
    rubybody (0.0.3)
    terminal-table (1.8.0)
      unicode-display_width (~> 1.1, >= 1.1.1)
    unicode-display_width (1.7.0)

PLATFORMS
  ruby

DEPENDENCIES
  bmi (~> 0.2.0)
  colorize (~> 0.8.1)
  rspec (~> 3.9)
  rubybody (~> 0.0.3)
  terminal-table (~> 1.8)

BUNDLED WITH
   2.1.4
